GEM
  remote: http://rubygems.org/
  specs:
    pdf-core (0.7.0)
    prawn (2.2.2)
      pdf-core (~> 0.7.0)
      ttfunk (~> 1.5)
    slop (4.6.0)
    ttfunk (1.5.1)

PLATFORMS
  ruby

DEPENDENCIES
  prawn
  slop

BUNDLED WITH
   1.16.0.pre.2
